GEM
  remote: https://rubygems.org/
  specs:
    nio4r (2.5.7)
    prometheus-client (2.1.0)
    puma (5.3.2)
      nio4r (~> 2.0)
    rack (2.2.3.1)

PLATFORMS
  x86_64-darwin-17
  x86_64-linux

DEPENDENCIES
  prometheus-client
  puma
  rack

BUNDLED WITH
   2.2.17
